PATH
  remote: .
  specs:
    is_taggable (0.1.0)

GEM
  remote: https://rubygems.org/
  specs:

PLATFORMS
  ruby

DEPENDENCIES
  is_taggable!
